GEM
  remote: https://gems.ruby-china.com/
  specs:
    activemodel (6.0.3.1)
      activesupport (= 6.0.3.1)
    activerecord (6.0.3.1)
      activemodel (= 6.0.3.1)
      activesupport (= 6.0.3.1)
    activesupport (6.0.3.1)
      concurrent-ruby (~> 1.0, >= 1.0.2)
      i18n (>= 0.7, < 2)
      minitest (~> 5.1)
      tzinfo (~> 1.1)
      zeitwerk (~> 2.2, >= 2.2.2)
    concurrent-ruby (1.1.6)
    i18n (1.8.3)
      concurrent-ruby (~> 1.0)
    mini_portile2 (2.4.0)
    minitest (5.14.1)
    nokogiri (1.10.9)
      mini_portile2 (~> 2.4.0)
    nx (0.1.4)
    nx-gather-proxy (0.1.1)
    nx-real-ip (0.1.5)
    nx-spys-proxy (0.1.2)
    nx-us-proxy (0.1.1)
      nokogiri (~> 1.10.7)
    nx-xici-proxy (0.1.4)
    sqlite3 (1.4.2)
    thread_safe (0.3.6)
    tzinfo (1.2.7)
      thread_safe (~> 0.1)
    zeitwerk (2.3.0)

PLATFORMS
  ruby

DEPENDENCIES
  activerecord
  nx
  nx-gather-proxy
  nx-real-ip
  nx-spys-proxy
  nx-us-proxy
  nx-xici-proxy
  sqlite3 (~> 1.4)

BUNDLED WITH
   2.1.4
